GEM
  remote: http://rubygems.org/
  specs:
    activemodel (3.2.9)
      activesupport (= 3.2.9)
      builder (~> 3.0.0)
    activesupport (3.2.9)
      i18n (~> 0.6)
      multi_json (~> 1.0)
    anemone (0.7.2)
      nokogiri (>= 1.3.0)
      robotex (>= 1.0.0)
    bson (1.7.0)
    bson_ext (1.7.0)
      bson (~> 1.7.0)
    builder (3.0.4)
    domain_name (0.5.4)
      unf (~> 0.0.3)
    i18n (0.6.1)
    lockfile (2.1.0)
    mechanize (2.5.1)
      domain_name (~> 0.5, >= 0.5.1)
      mime-types (~> 1.17, >= 1.17.2)
      net-http-digest_auth (~> 1.1, >= 1.1.1)
      net-http-persistent (~> 2.5, >= 2.5.2)
      nokogiri (~> 1.4)
      ntlm-http (~> 0.1, >= 0.1.1)
      webrobots (~> 0.0, >= 0.0.9)
    mime-types (1.19)
    mongo (1.7.0)
      bson (~> 1.7.0)
    mongoid (3.0.13)
      activemodel (~> 3.1)
      moped (~> 1.1)
      origin (~> 1.0)
      tzinfo (~> 0.3.22)
    moped (1.2.9)
    multi_json (1.3.7)
    net-http-digest_auth (1.2.1)
    net-http-persistent (2.8)
    nokogiri (1.5.5)
    ntlm-http (0.1.1)
    origin (1.0.10)
    parallel (0.5.19)
    redis (3.0.2)
    rmagick (2.13.1)
    robotex (1.0.0)
    tzinfo (0.3.35)
    unf (0.0.5)
      unf_ext
    unf_ext (0.0.5)
    webrobots (0.0.13)

PLATFORMS
  ruby

DEPENDENCIES
  anemone
  bson_ext
  lockfile
  mechanize
  mongo
  mongoid
  nokogiri
  parallel
  redis
  rmagick
